PATH
  remote: .
  specs:
    slack_on_deploy (0.1.1)
      redis
      slack-notifier (~> 2.3)

GEM
  remote: https://rubygems.org/
  specs:
    diff-lcs (1.4.4)
    rake (12.3.3)
    redis (4.8.0)
    rspec (3.10.0)
      rspec-core (~> 3.10.0)
      rspec-expectations (~> 3.10.0)
      rspec-mocks (~> 3.10.0)
    rspec-core (3.10.1)
      rspec-support (~> 3.10.0)
    rspec-expectations (3.10.1)
      diff-lcs (>= 1.2.0, < 2.0)
      rspec-support (~> 3.10.0)
    rspec-mocks (3.10.2)
      diff-lcs (>= 1.2.0, < 2.0)
      rspec-support (~> 3.10.0)
    rspec-support (3.10.2)
    slack-notifier (2.4.0)

PLATFORMS
  ruby
  x64-mingw32

DEPENDENCIES
  rake (~> 12.0)
  rspec (~> 3.0)
  slack_on_deploy!

BUNDLED WITH
   2.1.4
